PATH
  remote: .
  specs:
    rails_copier (0.1.1)
      slop (~> 4.6.1)
      sudo (~> 0.1.1)

GEM
  remote: https://rubygems.org/
  specs:
    rake (10.5.0)
    slop (4.6.1)
    sudo (0.1.1)

PLATFORMS
  ruby

DEPENDENCIES
  bundler (~> 1.16)
  rails_copier!
  rake (~> 10.0)

BUNDLED WITH
   1.16.0
